GEM
  remote: http://rubygems.org/
  specs:
    rack (1.4.1)
    rack-protection (1.3.2)
      rack
    sequel (3.42.0)
    shotgun (0.9)
      rack (>= 1.0)
    sinatra (1.3.3)
      rack (~> 1.3, >= 1.3.6)
      rack-protection (~> 1.2)
      tilt (~> 1.3, >= 1.3.3)
    sqlite3 (1.3.6)
    tilt (1.3.3)

PLATFORMS
  ruby

DEPENDENCIES
  sequel
  shotgun
  sinatra
  sqlite3
